GIT
  remote: git://github.com/infinitered/rmq.git
  revision: 471c8a9adb28415abe753050a24780cfa4c2b247
  specs:
    ruby_motion_query (0.5.5)

GEM
  remote: https://rubygems.org/
  specs:
    rake (10.1.1)

PLATFORMS
  ruby

DEPENDENCIES
  rake
  ruby_motion_query!
